PATH
  remote: .
  specs:
    om (1.2.4)
      nokogiri (>= 1.4.2)
      om

GEM
  remote: http://rubygems.org/
  specs:
    RedCloth (4.2.7)
    columnize (0.3.2)
    equivalent-xml (0.2.6)
      nokogiri (>= 1.4.3)
    git (1.2.5)
    jeweler (1.5.2)
      bundler (~> 1.0.0)
      git (>= 1.2.5)
      rake
    linecache (0.43)
    mocha (0.9.12)
    nokogiri (1.4.4)
    rake (0.8.7)
    rcov (0.9.9)
    rspec (1.3.1)
    ruby-debug (0.10.4)
      columnize (>= 0.1)
      ruby-debug-base (~> 0.10.4.0)
    ruby-debug-base (0.10.4)
      linecache (>= 0.3)
    yard (0.6.8)

PLATFORMS
  ruby

DEPENDENCIES
  RedCloth
  equivalent-xml (>= 0.2.4)
  jeweler
  mocha (>= 0.9.8)
  om!
  rcov
  rspec (< 2.0.0)
  ruby-debug
  yard
