GEM
  remote: http://rubygems.org/
  specs:
    columnize (0.3.2)
    facets (2.9.1)
    git (1.2.5)
    jeweler (1.5.2)
      bundler (~> 1.0.0)
      git (>= 1.2.5)
      rake
    linecache (0.43)
    mocha (0.9.12)
    nokogiri (1.4.4)
    rake (0.8.7)
    rspec (1.3.1)
    ruby-debug (0.10.4)
      columnize (>= 0.1)
      ruby-debug-base (~> 0.10.4.0)
    ruby-debug-base (0.10.4)
      linecache (>= 0.3)

PLATFORMS
  ruby

DEPENDENCIES
  facets
  jeweler
  mocha (>= 0.9.8)
  nokogiri
  rspec (< 2.0.0)
  ruby-debug
