PATH
  remote: .
  specs:
    om (1.5.2)
      mediashelf-loggable
      nokogiri (>= 1.4.2)

GEM
  remote: http://rubygems.org/
  specs:
    RedCloth (4.2.9)
    archive-tar-minitar (0.5.2)
    columnize (0.3.5)
    diff-lcs (1.1.3)
    equivalent-xml (0.2.8)
      nokogiri (>= 1.4.3)
    linecache (0.46)
      rbx-require-relative (> 0.0.4)
    linecache19 (0.5.12)
      ruby_core_source (>= 0.1.4)
    mediashelf-loggable (0.4.9)
    metaclass (0.0.1)
    mocha (0.10.0)
      metaclass (~> 0.0.1)
    nokogiri (1.5.0)
    rbx-require-relative (0.0.5)
    rcov (0.9.11)
    rspec (2.7.0)
      rspec-core (~> 2.7.0)
      rspec-expectations (~> 2.7.0)
      rspec-mocks (~> 2.7.0)
    rspec-core (2.7.1)
    rspec-expectations (2.7.0)
      diff-lcs (~> 1.1.2)
    rspec-mocks (2.7.0)
    ruby-debug (0.10.4)
      columnize (>= 0.1)
      ruby-debug-base (~> 0.10.4.0)
    ruby-debug-base (0.10.4)
      linecache (>= 0.3)
    ruby-debug-base19 (0.11.25)
      columnize (>= 0.3.1)
      linecache19 (>= 0.5.11)
      ruby_core_source (>= 0.1.4)
    ruby-debug19 (0.11.6)
      columnize (>= 0.3.1)
      linecache19 (>= 0.5.11)
      ruby-debug-base19 (>= 0.11.19)
    ruby_core_source (0.1.5)
      archive-tar-minitar (>= 0.5.2)
    yard (0.7.4)

PLATFORMS
  ruby

DEPENDENCIES
  RedCloth (~> 4.2.9)
  equivalent-xml (>= 0.2.4)
  mocha (>= 0.9.8)
  om!
  rcov
  rspec (~> 2.0)
  ruby-debug
  ruby-debug19
  yard
