PATH
  remote: .
  specs:
    om (1.6.1)
      active_support
      activemodel
      mediashelf-loggable
      nokogiri (>= 1.4.2)

GEM
  remote: http://rubygems.org/
  specs:
    RedCloth (4.2.9)
    active_support (3.0.0)
      activesupport (= 3.0.0)
    activemodel (3.0.0)
      activesupport (= 3.0.0)
      builder (~> 2.1.2)
      i18n (~> 0.4.1)
    activesupport (3.0.0)
    builder (2.1.2)
    columnize (0.3.5)
    debugger (1.1.3)
      columnize (>= 0.3.1)
      debugger-linecache (~> 1.1.1)
      debugger-ruby_core_source (~> 1.1.2)
    debugger-linecache (1.1.1)
      debugger-ruby_core_source (>= 1.1.1)
    debugger-ruby_core_source (1.1.3)
    diff-lcs (1.1.3)
    equivalent-xml (0.2.8)
      nokogiri (>= 1.4.3)
    i18n (0.4.2)
    linecache (0.46)
      rbx-require-relative (> 0.0.4)
    mediashelf-loggable (0.4.9)
    metaclass (0.0.1)
    mocha (0.10.0)
      metaclass (~> 0.0.1)
    multi_json (1.3.6)
    nokogiri (1.5.0)
    rake (0.9.2.2)
    rbx-require-relative (0.0.5)
    rcov (0.9.11)
    rspec (2.7.0)
      rspec-core (~> 2.7.0)
      rspec-expectations (~> 2.7.0)
      rspec-mocks (~> 2.7.0)
    rspec-core (2.7.1)
    rspec-expectations (2.7.0)
      diff-lcs (~> 1.1.2)
    rspec-mocks (2.7.0)
    ruby-debug (0.10.4)
      columnize (>= 0.1)
      ruby-debug-base (~> 0.10.4.0)
    ruby-debug-base (0.10.4)
      linecache (>= 0.3)
    simplecov (0.6.4)
      multi_json (~> 1.0)
      simplecov-html (~> 0.5.3)
    simplecov-html (0.5.3)
    simplecov-rcov (0.2.3)
      simplecov (>= 0.4.1)
    yard (0.7.4)

PLATFORMS
  ruby

DEPENDENCIES
  RedCloth (~> 4.2.9)
  debugger
  equivalent-xml (>= 0.2.4)
  mocha (>= 0.9.8)
  om!
  rake
  rcov
  rspec (~> 2.0)
  ruby-debug
  simplecov
  simplecov-rcov
  yard
